GEM
  remote: https://rubygems.org/
  specs:
    encrypted_strings (0.3.3)
    rack (1.6.12)
    rack-protection (1.5.5)
      rack
    sinatra (1.4.7)
      rack (~> 1.5)
      rack-protection (~> 1.4)
      tilt (>= 1.3, < 3)
    tilt (2.0.5)

PLATFORMS
  ruby

DEPENDENCIES
  encrypted_strings
  sinatra (= 1.4.7)
